PATH
  remote: .
  specs:
    kindle-your-highlights (0.3.0)
      jsonify (>= 0.4.1)
      nokogiri (>= 1.5.0)
      selenium-webdriver (>= 2.30.0)

GEM
  remote: http://rubygems.org/
  specs:
    addressable (2.3.2)
    childprocess (0.3.4)
      ffi (~> 1.0, >= 1.0.6)
    crack (0.3.1)
    diff-lcs (1.1.3)
    ffi (1.1.3)
    jsonify (0.4.1)
      multi_json (~> 1.3)
    multi_json (1.8.0)
    nokogiri (1.5.6)
    rake (10.0.3)
    rspec (2.11.0)
      rspec-core (~> 2.11.0)
      rspec-expectations (~> 2.11.0)
      rspec-mocks (~> 2.11.0)
    rspec-core (2.11.1)
    rspec-expectations (2.11.3)
      diff-lcs (~> 1.1.3)
    rspec-mocks (2.11.2)
    rubyzip (0.9.9)
    selenium-webdriver (2.32.1)
      childprocess (>= 0.2.5)
      multi_json (~> 1.0)
      rubyzip
      websocket (~> 1.0.4)
    vcr (2.1.1)
    webmock (1.8.6)
      addressable (>= 2.2.7)
      crack (>= 0.1.7)
    websocket (1.0.7)

PLATFORMS
  ruby

DEPENDENCIES
  kindle-your-highlights!
  rake
  rspec
  vcr
  webmock
